GEM
  remote: https://rubygems.org/
  specs:
    minitest (5.10.2)
    rake (12.0.0)

PLATFORMS
  ruby

DEPENDENCIES
  minitest
  rake (~> 12.0)

BUNDLED WITH
   1.13.6
