PATH
  remote: .
  specs:
    testfu (1.0.0)

GEM
  remote: https://rubygems.org/
  specs:
    minitest (5.9.1)
    rake (10.5.0)

PLATFORMS
  ruby

DEPENDENCIES
  minitest
  rake (~> 10.0)
  testfu!

BUNDLED WITH
   1.10.6
