GEM
  remote: https://rubygems.org/
  specs:
    minitest (5.9.1)
    rake (13.0.0)

PLATFORMS
  ruby

DEPENDENCIES
  minitest
  rake (~> 13.0)

BUNDLED WITH
   1.13.6
