PATH
  remote: .
  specs:
    testfu (1.0.0)

GEM
  remote: https://rubygems.org/
  specs:
    minitest (5.9.1)
    rake (11.3.0)

PLATFORMS
  ruby

DEPENDENCIES
  minitest
  rake (~> 11.0)
  testfu!

BUNDLED WITH
   1.13.6
