GEM
  remote: https://rubygems.org/
  specs:
    minitest (5.10.3)
    rake (12.1.0)

PLATFORMS
  ruby

DEPENDENCIES
  minitest
  rake (~> 12.1)

BUNDLED WITH
   1.13.6
