GEM
  remote: https://rubygems.org/
  specs:
    minitest (5.9.1)
    rake (11.3.0)

PLATFORMS
  ruby

DEPENDENCIES
  minitest
  rake (~> 11.0)

BUNDLED WITH
   1.17.3
